GEM
  remote: https://rubygems.org/
  specs:
    puma (3.10.0)
    rack (2.0.3)
    rack-ssl (1.4.1)
      rack

PLATFORMS
  ruby

DEPENDENCIES
  puma
  rack
  rack-ssl

RUBY VERSION
   ruby 2.4.1p111

BUNDLED WITH
   1.16.0
